GIT
  remote: https://github.com/toshiwo/zaim
  revision: 5eb04cb357f1059be9b09bb977bcbdc37bb9952e
  specs:
    zaim (0.0.1)
      faraday (~> 0.8.7)
      faraday_middleware (~> 0.9.0)
      simple_oauth (~> 0.2.0)

GEM
  remote: https://rubygems.org/
  specs:
    faraday (0.8.11)
      multipart-post (~> 1.2.0)
    faraday_middleware (0.9.2)
      faraday (>= 0.7.4, < 0.10)
    multipart-post (1.2.0)
    oauth (0.5.4)
    pit (0.0.7)
    simple_oauth (0.2.0)

PLATFORMS
  ruby

DEPENDENCIES
  oauth
  pit
  zaim!

BUNDLED WITH
   1.13.2
